GEM
  remote: http://rubygems.org/
  specs:
    addressable (2.2.6)
    em-websocket (0.3.1)
      addressable (>= 2.1.1)
      eventmachine (>= 0.12.9)
    eventmachine (0.12.10)
    growl (1.0.3)
    guard (0.5.1)
      thor (~> 0.14.6)
    guard-ego (0.0.1)
      guard (>= 0.2.1)
    guard-haml (0.3.0)
      guard (>= 0.4)
      haml (>= 3.0)
    guard-livereload (0.2.1)
      em-websocket (>= 0.2.0)
      guard (>= 0.4.0)
      json (>= 1.5.1)
    guard-sass (0.2.4)
      guard (>= 0.2.1)
      sass (>= 3.1)
    haml (3.1.2)
    json (1.5.3)
    rb-fsevent (0.4.2)
    sass (3.1.7)
    thor (0.14.6)

PLATFORMS
  ruby

DEPENDENCIES
  growl
  guard
  guard-ego
  guard-haml
  guard-livereload
  guard-sass
  rb-fsevent
